GEM
  remote: https://rubygems.org/
  specs:
    activemodel (7.1.3.4)
      activesupport (= 7.1.3.4)
    activerecord (7.1.3.4)
      activemodel (= 7.1.3.4)
      activesupport (= 7.1.3.4)
      timeout (>= 0.4.0)
    activesupport (7.1.3.4)
      base64
      bigdecimal
      concurrent-ruby (~> 1.0, >= 1.0.2)
      connection_pool (>= 2.2.5)
      drb
      i18n (>= 1.6, < 2)
      minitest (>= 5.1)
      mutex_m
      tzinfo (~> 2.0)
    base64 (0.2.0)
    bigdecimal (3.1.8)
    blueprinter (1.0.2)
    concurrent-ruby (1.3.3)
    connection_pool (2.4.1)
    drb (2.2.1)
    i18n (1.14.5)
      concurrent-ruby (~> 1.0)
    minitest (5.24.1)
    mutex_m (0.2.0)
    oj (3.16.4)
      bigdecimal (>= 3.0)
    panko_serializer (0.8.1)
      activesupport
      oj (> 3.11.0, < 4.0.0)
    timeout (0.4.1)
    tzinfo (2.0.6)
      concurrent-ruby (~> 1.0)

PLATFORMS
  x86_64-darwin-21

DEPENDENCIES
  activerecord
  blueprinter
  oj
  panko_serializer

BUNDLED WITH
   2.4.22
